GEM
  remote: https://rubygems.org/
  specs:
    zlib (3.1.1)

PLATFORMS
  ruby
  x86_64-linux

DEPENDENCIES
  zlib

BUNDLED WITH
   2.5.9
